PATH
  remote: .
  specs:
    svgcode (0.5.0)
      nokogiri (~> 1.8)
      thor (~> 0.20)

GEM
  remote: https://rubygems.org/
  specs:
    byebug (9.1.0)
    diff-lcs (1.3)
    mini_portile2 (2.3.0)
    nokogiri (1.8.2)
      mini_portile2 (~> 2.3.0)
    rake (10.5.0)
    rspec (3.7.0)
      rspec-core (~> 3.7.0)
      rspec-expectations (~> 3.7.0)
      rspec-mocks (~> 3.7.0)
    rspec-core (3.7.0)
      rspec-support (~> 3.7.0)
    rspec-expectations (3.7.0)
      diff-lcs (>= 1.2.0, < 2.0)
      rspec-support (~> 3.7.0)
    rspec-mocks (3.7.0)
      diff-lcs (>= 1.2.0, < 2.0)
      rspec-support (~> 3.7.0)
    rspec-support (3.7.0)
    thor (0.20.0)
    yard (0.9.12)

PLATFORMS
  ruby

DEPENDENCIES
  bundler (~> 1.16)
  byebug
  rake (~> 10.0)
  rspec (~> 3.0)
  svgcode!
  yard

BUNDLED WITH
   1.16.1
